GEM
  remote: https://rubygems.org/
  specs:
    activemodel (7.0.6)
      activesupport (= 7.0.6)
    activerecord (7.0.6)
      activemodel (= 7.0.6)
      activesupport (= 7.0.6)
    activesupport (7.0.6)
      concurrent-ruby (~> 1.0, >= 1.0.2)
      i18n (>= 1.6, < 2)
      minitest (>= 5.1)
      tzinfo (~> 2.0)
    bcrypt (3.1.19)
    concurrent-ruby (1.2.2)
    dotenv (2.8.1)
    i18n (1.14.1)
      concurrent-ruby (~> 1.0)
    json (2.6.3)
    jwt (2.7.1)
    minitest (5.18.1)
    multi_json (1.15.0)
    mustermann (3.0.0)
      ruby2_keywords (~> 0.0.1)
    nio4r (2.5.9)
    pg (1.5.3)
    puma (6.3.0)
      nio4r (~> 2.0)
    rack (2.2.7)
    rack-protection (3.0.6)
      rack
    rake (13.0.6)
    ruby2_keywords (0.0.5)
    sinatra (3.0.6)
      mustermann (~> 3.0)
      rack (~> 2.2, >= 2.2.4)
      rack-protection (= 3.0.6)
      tilt (~> 2.0)
    sinatra-activerecord (2.0.26)
      activerecord (>= 4.1)
      sinatra (>= 1.0)
    sinatra-contrib (3.0.6)
      multi_json
      mustermann (~> 3.0)
      rack-protection (= 3.0.6)
      sinatra (= 3.0.6)
      tilt (~> 2.0)
    tilt (2.2.0)
    tzinfo (2.0.6)
      concurrent-ruby (~> 1.0)

PLATFORMS
  x86_64-linux

DEPENDENCIES
  bcrypt (~> 3.1)
  dotenv (~> 2.8)
  json (~> 2.6)
  jwt (~> 2.7)
  pg (~> 1.5)
  puma (~> 6.3)
  rake (~> 13.0)
  sinatra (~> 3.0)
  sinatra-activerecord (~> 2.0)
  sinatra-contrib (~> 3.0)

BUNDLED WITH
   2.4.15
